GIT
  remote: git://github.com/middleman/middleman-compass.git
  revision: fdc96f8e94979e392de79ea494b582c6af902ee9
  branch: master
  specs:
    middleman-compass (4.0.0.rc.1)
      compass (>= 1.0.0, < 2.0.0)
      middleman-core (>= 4.0.0.rc.1)

GIT
  remote: git://github.com/middleman/middleman.git
  revision: ec99a7b28f6aa67ba33beb52e2d061138023823b
  branch: master
  specs:
    middleman (4.0.0.rc.2)
      coffee-script (~> 2.2)
      compass-import-once (= 1.0.5)
      haml (>= 4.0.5)
      kramdown (~> 1.2)
      middleman-cli (= 4.0.0.rc.2)
      middleman-core (= 4.0.0.rc.2)
      sass (>= 3.4.0, < 4.0)
    middleman-cli (4.0.0.rc.2)
      thor (>= 0.17.0, < 2.0)
    middleman-core (4.0.0.rc.2)
      activesupport (~> 4.2)
      addressable (~> 2.3.5)
      backports (~> 3.6)
      bundler (~> 1.1)
      capybara (~> 2.5.0)
      contracts (~> 0.12.0)
      erubis
      execjs (~> 2.0)
      fastimage (~> 1.7.0)
      hamster (~> 1.0)
      hashie (~> 3.4)
      i18n (~> 0.7.0)
      listen (~> 3.0)
      padrino-helpers (~> 0.13.0)
      rack (>= 1.4.5, < 2.0)
      sassc (>= 1.6.0)
      tilt (~> 1.4.1)
      uglifier (~> 2.6)

GIT
  remote: git://github.com/zackp30/middleman-livereload.git
  revision: 7f976fadac24ff8254635f860edcdcd51f70df61
  branch: master
  specs:
    middleman-livereload (3.4.3)
      em-websocket (~> 0.5.1)
      middleman-core
      rack-livereload (~> 0.3.15)

GIT
  remote: git://github.com/zackp30/middleman-syntax.git
  revision: e111809c9ca47109b21e5926de8712f496a5156d
  branch: master
  specs:
    middleman-syntax (2.0.0)
      middleman-core
      rouge (~> 1.0)

GEM
  remote: https://rubygems.org/
  remote: https://rails-assets.org/
  specs:
    activesupport (4.2.4)
      i18n (~> 0.7)
      json (~> 1.7, >= 1.7.7)
      minitest (~> 5.1)
      thread_safe (~> 0.3, >= 0.3.4)
      tzinfo (~> 1.1)
    addressable (2.3.8)
    atomic (1.1.99)
    backports (3.6.7)
    capybara (2.5.0)
      mime-types (>= 1.16)
      nokogiri (>= 1.3.3)
      rack (>= 1.0.0)
      rack-test (>= 0.5.4)
      xpath (~> 2.0)
    chunky_png (1.3.5)
    coffee-script (2.4.1)
      coffee-script-source
      execjs
    coffee-script-source (1.9.1.1)
    compass (1.0.3)
      chunky_png (~> 1.2)
      compass-core (~> 1.0.2)
      compass-import-once (~> 1.0.5)
      rb-fsevent (>= 0.9.3)
      rb-inotify (>= 0.9)
      sass (>= 3.3.13, < 3.5)
    compass-core (1.0.3)
      multi_json (~> 1.0)
      sass (>= 3.3.0, < 3.5)
    compass-import-once (1.0.5)
      sass (>= 3.2, < 3.5)
    contracts (0.12.0)
    em-websocket (0.5.1)
      eventmachine (>= 0.12.9)
      http_parser.rb (~> 0.6.0)
    erubis (2.7.0)
    eventmachine (1.0.8)
    execjs (2.6.0)
    fastimage (1.7.0)
      addressable (~> 2.3, >= 2.3.5)
    ffi (1.9.10)
    haml (4.0.7)
      tilt
    hamster (1.0.0)
      atomic (~> 1.1)
    hashie (3.4.3)
    htmlentities (4.3.4)
    http_parser.rb (0.6.0)
    i18n (0.7.0)
    json (1.8.3)
    kramdown (1.9.0)
    listen (3.0.4)
      rb-fsevent (>= 0.9.3)
      rb-inotify (>= 0.9)
    mime-types (2.6.2)
    mini_portile (0.6.2)
    minitest (5.8.2)
    moneta (0.8.0)
    multi_json (1.11.2)
    mustache (1.0.2)
    nokogiri (1.6.6.2)
      mini_portile (~> 0.6.0)
    onebox (1.5.27)
      htmlentities (~> 4.3.4)
      moneta (~> 0.8)
      multi_json (~> 1.11)
      mustache
      nokogiri (~> 1.6.6)
    padrino-helpers (0.13.0)
      i18n (~> 0.6, >= 0.6.7)
      padrino-support (= 0.13.0)
      tilt (~> 1.4.1)
    padrino-support (0.13.0)
      activesupport (>= 3.1)
    rack (1.6.4)
    rack-livereload (0.3.16)
      rack
    rack-test (0.6.3)
      rack (>= 1.0)
    rails-assets-eventEmitter (4.3.0)
    rails-assets-eventie (1.0.6)
    rails-assets-imagesloaded (3.2.0)
      rails-assets-eventEmitter (>= 4.2, < 5.0)
      rails-assets-eventie (~> 1.0.4)
    rails-assets-jquery (2.1.4)
    rails-assets-jquery-ui (1.11.4)
      rails-assets-jquery (>= 1.6)
    rails-assets-katex (0.5.1)
    rails-assets-qtip2 (2.2.1)
      rails-assets-imagesloaded (>= 3.0.0)
      rails-assets-jquery (>= 1.6.0)
    rb-fsevent (0.9.6)
    rb-inotify (0.9.5)
      ffi (>= 0.5.0)
    redcarpet (3.3.3)
    rouge (1.10.1)
    sass (3.4.19)
    sassc (1.8.1)
      bundler
      ffi (~> 1.9.6)
      sass (>= 3.3.0)
    sprockets (3.4.0)
      rack (> 1, < 3)
    thor (0.19.1)
    thread_safe (0.3.5)
    tilt (1.4.1)
    tzinfo (1.2.2)
      thread_safe (~> 0.1)
    uglifier (2.7.2)
      execjs (>= 0.3.0)
      json (>= 1.8.0)
    xpath (2.0.0)
      nokogiri (~> 1.3)

PLATFORMS
  ruby

DEPENDENCIES
  middleman!
  middleman-compass!
  middleman-core!
  middleman-livereload!
  middleman-syntax!
  onebox
  rails-assets-jquery!
  rails-assets-jquery-ui!
  rails-assets-katex!
  rails-assets-qtip2!
  redcarpet
  sprockets
  tzinfo-data
  wdm (~> 0.1.0)

BUNDLED WITH
   1.10.4
